GEM
  specs:
    pg (0.17.1)

PLATFORMS
  ruby

DEPENDENCIES
  pg
